RESTRICTION: == net45
NUGET
  remote: https://api.nuget.org/v3/index.json
    Mono.Cecil (0.10)

GROUP Build
CONTENT: NONE
RESTRICTION: == net45
NUGET
  remote: https://api.nuget.org/v3/index.json
    FAKE (4.63.2) - content: none
    Mono.Cecil (0.10) - content: none
    SourceLink.Fake (1.1) - content: none
GITHUB
  remote: vrvis/Aardvark.Fake
    FULLPROJECT (9b337575e1ec13a611f4416d1df485f382f8c631)
      FAKE (>= 4.63 < 4.64)
      Mono.Cecil (>= 0.10.0-beta6 < 0.11)
      SourceLink.Fake (>= 1.1 < 1.2)